GEM
  remote: http://rubygems.org/
  specs:
    git (1.2.6)
    jeweler (1.6.4)
      bundler (~> 1.0)
      git (>= 1.2.5)
      rake
    multi_json (1.3.6)
    rake (10.1.1)
    shoulda (2.11.3)

PLATFORMS
  ruby

DEPENDENCIES
  jeweler (~> 1.6.4)
  multi_json
  shoulda
