GEM
  remote: http://rubygems.org/
  specs:
    addressable (2.3.5)
    builder (3.2.2)
    coderay (1.1.0)
    faraday (0.7.6)
      addressable (~> 2.2)
      multipart-post (~> 1.1)
      rack (~> 1.1)
    fattr (2.2.2)
    git (1.2.6)
    github_api (0.4.10)
      faraday (~> 0.7.6)
      hashie (~> 1.2.0)
      multi_json (~> 1.0)
      oauth2 (~> 0.5.2)
    hashie (1.2.0)
    highline (1.6.20)
    jeweler (2.0.1)
      builder
      bundler (>= 1.0)
      git (>= 1.2.5)
      github_api
      highline (>= 1.6.15)
      nokogiri (>= 1.5.10)
      rake
      rdoc
    json (1.8.1)
    method_source (0.8.2)
    mini_portile (0.5.2)
    multi_json (1.3.6)
    multipart-post (1.2.0)
    nokogiri (1.6.1)
      mini_portile (~> 0.5.0)
    oauth2 (0.5.2)
      faraday (~> 0.7)
      multi_json (~> 1.0)
    pry (0.10.1)
      coderay (~> 1.1.0)
      method_source (~> 0.8.1)
      slop (~> 3.4)
    rack (1.5.2)
    rake (10.1.1)
    rdoc (4.1.1)
      json (~> 1.4)
    shoulda (2.11.3)
    slop (3.6.0)
    terminator (1.0.0)
      fattr (>= 2.2)

PLATFORMS
  ruby

DEPENDENCIES
  jeweler
  multi_json
  pry
  shoulda
  terminator
